GEM
  remote: https://rubygems.org/
  specs:
    ffi (1.10.0)
    interactive_editor (0.0.11)
      spoon (>= 0.0.1)
    spoon (0.0.6)
      ffi

PLATFORMS
  ruby

DEPENDENCIES
  interactive_editor

BUNDLED WITH
   1.17.2
